GEM
  remote: https://rubygems.org/
  specs:
    byebug (11.1.3)
    colorize (0.8.1)
    gemoji (3.0.1)
    mini_portile2 (2.4.0)
    nokogiri (1.10.9)
      mini_portile2 (~> 2.4.0)

PLATFORMS
  ruby

DEPENDENCIES
  byebug
  colorize
  gemoji
  nokogiri

BUNDLED WITH
   2.1.2
